PATH
  remote: .
  specs:
    moneytree-rubocop-config (1.0.3)
      rubocop (>= 0.81.0)
      rubocop-rails (>= 2.5.0)

GEM
  remote: https://rubygems.org/
  specs:
    activesupport (7.0.3.1)
      concurrent-ruby (~> 1.0, >= 1.0.2)
      i18n (>= 1.6, < 2)
      minitest (>= 5.1)
      tzinfo (~> 2.0)
    ast (2.4.2)
    concurrent-ruby (1.1.10)
    i18n (1.12.0)
      concurrent-ruby (~> 1.0)
    json (2.6.2)
    minitest (5.16.2)
    parallel (1.22.1)
    parser (3.1.2.0)
      ast (~> 2.4.1)
    rack (2.2.4)
    rainbow (3.1.1)
    rake (12.3.3)
    regexp_parser (2.5.0)
    rexml (3.2.5)
    rubocop (1.32.0)
      json (~> 2.3)
      parallel (~> 1.10)
      parser (>= 3.1.0.0)
      rainbow (>= 2.2.2, < 4.0)
      regexp_parser (>= 1.8, < 3.0)
      rexml (>= 3.2.5, < 4.0)
      rubocop-ast (>= 1.19.1, < 2.0)
      ruby-progressbar (~> 1.7)
      unicode-display_width (>= 1.4.0, < 3.0)
    rubocop-ast (1.19.1)
      parser (>= 3.1.1.0)
    rubocop-rails (2.15.2)
      activesupport (>= 4.2.0)
      rack (>= 1.1)
      rubocop (>= 1.7.0, < 2.0)
    ruby-progressbar (1.11.0)
    tzinfo (2.0.5)
      concurrent-ruby (~> 1.0)
    unicode-display_width (2.2.0)

PLATFORMS
  ruby

DEPENDENCIES
  bundler (~> 2.0)
  moneytree-rubocop-config!
  rake (~> 12.3)

BUNDLED WITH
   2.1.4
